PATH
  remote: ../../
  specs:
    easy-automation (0.0.2)
      Selenium

GEM
  remote: http://rubygems.org/
  specs:
    Selenium (1.1.14)

PLATFORMS
  ruby

DEPENDENCIES
  easy-automation!
